GEM
  remote: https://rubygems.org/
  specs:
    inifile (3.0.0)
    mysql2 (0.4.1)
    rake (10.4.2)

PLATFORMS
  ruby

DEPENDENCIES
  inifile
  mysql2
  rake

BUNDLED WITH
   1.10.6
